GIT
  remote: git://github.com/jkrall/jasmine-headless-webkit.git
  revision: fae03656c21c15c2d508cc31699ed31ee03a6b60
  specs:
    jasmine-headless-webkit (0.7.3.2)
      coffee-script (>= 2.2)
      jasmine-core (~> 1.1.beta)
      multi_json
      rainbow

GEM
  remote: http://rubygems.org/
  specs:
    coffee-script (2.2.0)
      coffee-script-source
      execjs
    coffee-script-source (1.1.3)
    execjs (1.2.9)
      multi_json (~> 1.0)
    hike (1.2.1)
    jasmine-core (1.2.0.rc1)
    libv8 (3.3.10.2)
    multi_json (1.0.3)
    rack (1.3.5)
    rainbow (1.1.2)
    rake (0.9.2)
    sprockets (2.0.0)
      hike (~> 1.2)
      rack (~> 1.0)
      tilt (~> 1.1, != 1.3.0)
    therubyracer (0.9.4)
      libv8 (~> 3.3.10)
    tilt (1.3.3)

PLATFORMS
  ruby

DEPENDENCIES
  jasmine-headless-webkit!
  rake
  sprockets
  therubyracer
