GIT
  remote: git://github.com/jkrall/jasmine-headless-webkit.git
  revision: fae03656c21c15c2d508cc31699ed31ee03a6b60
  specs:
    jasmine-headless-webkit (0.7.3.2)
      coffee-script (>= 2.2)
      jasmine-core (~> 1.1.beta)
      multi_json
      rainbow

GEM
  remote: http://rubygems.org/
  specs:
    activesupport (3.2.1)
      i18n (~> 0.6)
      multi_json (~> 1.0)
    capybara (1.1.2)
      mime-types (>= 1.16)
      nokogiri (>= 1.3.3)
      rack (>= 1.0.0)
      rack-test (>= 0.5.4)
      selenium-webdriver (~> 2.0)
      xpath (~> 0.1.4)
    childprocess (0.3.0)
      ffi (~> 1.0.6)
    coffee-script (2.2.0)
      coffee-script-source
      execjs
    coffee-script-source (1.1.3)
    execjs (1.2.9)
      multi_json (~> 1.0)
    ffi (1.0.11)
    hike (1.2.1)
    i18n (0.6.0)
    jasmine-core (1.2.0.rc1)
    json_pure (1.6.5)
    libv8 (3.3.10.2)
    mime-types (1.17.2)
    multi_json (1.0.3)
    nokogiri (1.5.0)
    rack (1.3.5)
    rack-test (0.6.1)
      rack (>= 1.0)
    rainbow (1.1.2)
    rake (0.9.2)
    rubyzip (0.9.5)
    selenium-webdriver (2.13.0)
      childprocess (>= 0.2.1)
      ffi (~> 1.0.9)
      json_pure
      rubyzip
    sprockets (2.0.0)
      hike (~> 1.2)
      rack (~> 1.0)
      tilt (~> 1.1, != 1.3.0)
    therubyracer (0.9.4)
      libv8 (~> 3.3.10)
    tilt (1.3.3)
    xpath (0.1.4)
      nokogiri (~> 1.3)

PLATFORMS
  ruby

DEPENDENCIES
  activesupport
  capybara
  jasmine-headless-webkit!
  rake
  selenium-webdriver
  sprockets
  therubyracer
